GEM
  remote: http://rubygems.org/
  specs:
<<<<<<< HEAD
    actionmailer (3.1.3)
      actionpack (= 3.1.3)
      mail (~> 2.3.0)
    actionpack (3.1.3)
      activemodel (= 3.1.3)
      activesupport (= 3.1.3)
      builder (~> 3.0.0)
      erubis (~> 2.7.0)
      i18n (~> 0.6)
      rack (~> 1.3.5)
      rack-cache (~> 1.1)
      rack-mount (~> 0.8.2)
      rack-test (~> 0.6.1)
      sprockets (~> 2.0.3)
    activemodel (3.1.3)
      activesupport (= 3.1.3)
      builder (~> 3.0.0)
      i18n (~> 0.6)
    activerecord (3.1.3)
      activemodel (= 3.1.3)
      activesupport (= 3.1.3)
      arel (~> 2.2.1)
      tzinfo (~> 0.3.29)
    activeresource (3.1.3)
      activemodel (= 3.1.3)
      activesupport (= 3.1.3)
    activesupport (3.1.3)
      multi_json (~> 1.0)
    addressable (2.2.6)
=======
    actionmailer (3.1.1)
      actionpack (= 3.1.1)
      mail (~> 2.3.0)
    actionpack (3.1.1)
      activemodel (= 3.1.1)
      activesupport (= 3.1.1)
      builder (~> 3.0.0)
      erubis (~> 2.7.0)
      i18n (~> 0.6)
      rack (~> 1.3.2)
      rack-cache (~> 1.1)
      rack-mount (~> 0.8.2)
      rack-test (~> 0.6.1)
      sprockets (~> 2.0.2)
    activemodel (3.1.1)
      activesupport (= 3.1.1)
      builder (~> 3.0.0)
      i18n (~> 0.6)
    activerecord (3.1.1)
      activemodel (= 3.1.1)
      activesupport (= 3.1.1)
      arel (~> 2.2.1)
      tzinfo (~> 0.3.29)
    activeresource (3.1.1)
      activemodel (= 3.1.1)
      activesupport (= 3.1.1)
    activesupport (3.1.1)
      multi_json (~> 1.0)
>>>>>>> 6f40216cdbc8f3abaac369514e50586976e8a46a
    ansi (1.4.1)
    arel (2.2.1)
    bcrypt-ruby (3.0.1)
    builder (3.0.0)
<<<<<<< HEAD
    capybara (1.0.1)
      mime-types (>= 1.16)
      nokogiri (>= 1.3.3)
      rack (>= 1.0.0)
      rack-test (>= 0.5.4)
      selenium-webdriver (~> 2.0)
      xpath (~> 0.1.4)
    childprocess (0.2.5)
      ffi (~> 1.0.6)
=======
>>>>>>> 6f40216cdbc8f3abaac369514e50586976e8a46a
    cocaine (0.2.1)
    coffee-rails (3.1.1)
      coffee-script (>= 2.2.0)
      railties (~> 3.1.0)
    coffee-script (2.2.0)
      coffee-script-source
      execjs
    coffee-script-source (1.2.0)
    commonjs (0.2.0)
      therubyracer (~> 0.9.9)
<<<<<<< HEAD
    cucumber (1.0.6)
      builder (>= 2.1.2)
      diff-lcs (>= 1.1.2)
      gherkin (~> 2.4.18)
      json (>= 1.4.6)
      term-ansicolor (>= 1.0.6)
    cucumber-rails (1.0.2)
      capybara (>= 1.0.0)
      cucumber (~> 1.0.0)
      nokogiri (>= 1.4.6)
    database_cleaner (0.7.0)
=======
>>>>>>> 6f40216cdbc8f3abaac369514e50586976e8a46a
    devise (1.5.3)
      bcrypt-ruby (~> 3.0)
      orm_adapter (~> 0.0.3)
      warden (~> 1.1)
<<<<<<< HEAD
    diff-lcs (1.1.3)
    erubis (2.7.0)
    execjs (1.2.13)
      multi_json (~> 1.0)
    ffi (1.0.11)
    gherkin (2.4.21)
      json (>= 1.4.6)
=======
    erubis (2.7.0)
    execjs (1.2.13)
      multi_json (~> 1.0)
>>>>>>> 6f40216cdbc8f3abaac369514e50586976e8a46a
    gritter (1.0.0)
    hike (1.2.1)
    i18n (0.6.0)
    jquery-rails (1.0.19)
      railties (~> 3.0)
      thor (~> 0.14)
    json (1.6.4)
<<<<<<< HEAD
    json_pure (1.6.4)
    launchy (2.0.5)
      addressable (~> 2.2.6)
=======
>>>>>>> 6f40216cdbc8f3abaac369514e50586976e8a46a
    less (2.0.8)
      commonjs (~> 0.2.0)
      therubyracer (~> 0.9.9)
    less-rails (2.1.2)
      actionpack (>= 3.1)
      less (~> 2.0.7)
    libv8 (3.3.10.4)
    mail (2.3.0)
      i18n (>= 0.4.0)
      mime-types (~> 1.16)
      treetop (~> 1.4.8)
    mime-types (1.17.2)
    multi_json (1.0.4)
    mysql2 (0.3.11)
<<<<<<< HEAD
    nokogiri (1.5.0)
    orm_adapter (0.0.5)
=======
    orm_adapter (0.0.5)
    paper_trail (2.5.0)
      rails (~> 3)
>>>>>>> 6f40216cdbc8f3abaac369514e50586976e8a46a
    paperclip (2.4.5)
      activerecord (>= 2.3.0)
      activesupport (>= 2.3.2)
      cocaine (>= 0.0.2)
      mime-types
    polyglot (0.3.3)
    rack (1.3.6)
    rack-cache (1.1)
      rack (>= 0.4)
    rack-mount (0.8.3)
      rack (>= 1.0.0)
    rack-ssl (1.3.2)
      rack
    rack-test (0.6.1)
      rack (>= 1.0)
<<<<<<< HEAD
    rails (3.1.3)
      actionmailer (= 3.1.3)
      actionpack (= 3.1.3)
      activerecord (= 3.1.3)
      activeresource (= 3.1.3)
      activesupport (= 3.1.3)
      bundler (~> 1.0)
      railties (= 3.1.3)
    railties (3.1.3)
      actionpack (= 3.1.3)
      activesupport (= 3.1.3)
=======
    rails (3.1.1)
      actionmailer (= 3.1.1)
      actionpack (= 3.1.1)
      activerecord (= 3.1.1)
      activeresource (= 3.1.1)
      activesupport (= 3.1.1)
      bundler (~> 1.0)
      railties (= 3.1.1)
    railties (3.1.1)
      actionpack (= 3.1.1)
      activesupport (= 3.1.1)
>>>>>>> 6f40216cdbc8f3abaac369514e50586976e8a46a
      rack-ssl (~> 1.3.2)
      rake (>= 0.8.7)
      rdoc (~> 3.4)
      thor (~> 0.14.6)
    rake (0.9.2.2)
    rdoc (3.12)
      json (~> 1.4)
<<<<<<< HEAD
    rspec (2.8.0)
      rspec-core (~> 2.8.0)
      rspec-expectations (~> 2.8.0)
      rspec-mocks (~> 2.8.0)
    rspec-core (2.8.0)
    rspec-expectations (2.8.0)
      diff-lcs (~> 1.1.2)
    rspec-mocks (2.8.0)
    rspec-rails (2.8.1)
      actionpack (>= 3.0)
      activesupport (>= 3.0)
      railties (>= 3.0)
      rspec (~> 2.8.0)
    ruby-ole (1.2.11.2)
    rubyzip (0.9.5)
=======
>>>>>>> 6f40216cdbc8f3abaac369514e50586976e8a46a
    sass (3.1.12)
    sass-rails (3.1.5)
      actionpack (~> 3.1.0)
      railties (~> 3.1.0)
      sass (~> 3.1.10)
      tilt (~> 1.3.2)
<<<<<<< HEAD
    selenium-webdriver (2.5.0)
      childprocess (>= 0.2.1)
      ffi (>= 1.0.7)
      json_pure
      rubyzip
    spreadsheet (0.6.5.9)
      ruby-ole (>= 1.0)
=======
>>>>>>> 6f40216cdbc8f3abaac369514e50586976e8a46a
    sprockets (2.0.3)
      hike (~> 1.2)
      rack (~> 1.0)
      tilt (~> 1.1, != 1.3.0)
<<<<<<< HEAD
    term-ansicolor (1.0.7)
=======
>>>>>>> 6f40216cdbc8f3abaac369514e50586976e8a46a
    therubyracer (0.9.9)
      libv8 (~> 3.3.10)
    thor (0.14.6)
    tilt (1.3.3)
    treetop (1.4.10)
      polyglot
      polyglot (>= 0.3.1)
<<<<<<< HEAD
    turn (0.8.2)
      ansi (>= 1.2.2)
    twitter-bootstrap-rails (1.4.3)
      actionpack
      jquery-rails (>= 1.0)
=======
    turn (0.8.3)
      ansi
    twitter-bootstrap-rails (1.4.2)
      actionpack
      jquery-rails (~> 1.0)
      less
>>>>>>> 6f40216cdbc8f3abaac369514e50586976e8a46a
      less-rails (~> 2.1.0)
      railties
    tzinfo (0.3.31)
    uglifier (1.2.1)
      execjs (>= 0.3.0)
      multi_json (>= 1.0.2)
    warden (1.1.0)
      rack (>= 1.0)
<<<<<<< HEAD
    xpath (0.1.4)
      nokogiri (~> 1.3)
=======
>>>>>>> 6f40216cdbc8f3abaac369514e50586976e8a46a

PLATFORMS
  ruby

DEPENDENCIES
<<<<<<< HEAD
  capybara (= 1.0.1)
  coffee-rails (~> 3.1.1)
  cucumber-rails
  database_cleaner
=======
  coffee-rails (~> 3.1.1)
>>>>>>> 6f40216cdbc8f3abaac369514e50586976e8a46a
  devise
  execjs
  gritter
  jquery-rails
<<<<<<< HEAD
  launchy
  mysql2
  paperclip
  rails (= 3.1.3)
  rspec-rails
  sass-rails (~> 3.1.5)
  selenium-webdriver (= 2.5.0)
  spreadsheet
  therubyracer
  turn (= 0.8.2)
=======
  json
  mysql2
  paper_trail
  paperclip
  rails (= 3.1.1)
  sass-rails (~> 3.1.4)
  therubyracer
  turn
>>>>>>> 6f40216cdbc8f3abaac369514e50586976e8a46a
  twitter-bootstrap-rails
  uglifier (>= 1.0.3)
